GEM
  remote: https://rubygems.org/
  specs:
    json (1.8.2)
    mini_portile (0.6.2)
    nokogiri (1.6.6.2)
      mini_portile (~> 0.6.0)
    sass (3.4.10)
    sassdoc (0.0.2)
      json

PLATFORMS
  ruby

DEPENDENCIES
  nokogiri
  sass
  sassdoc
